GEM
  remote: https://rubygems.org/
  specs:
    activesupport (3.2.12)
      i18n (~> 0.6)
      multi_json (~> 1.0)
    daemons (1.1.9)
    eventmachine (0.12.10)
    haml (3.1.8)
    i18n (0.6.0)
    mail (2.6.3)
      mime-types (>= 1.16, < 3)
    mailcatcher (0.5.0)
      activesupport (~> 3.0)
      eventmachine (~> 0.12)
      haml (~> 3.1)
      mail (~> 2.3)
      sinatra (~> 1.2)
      skinny (~> 0.1)
      sqlite3 (~> 1.3)
      thin (~> 1.2)
    mime-types (1.25.1)
    multi_json (1.11.0)
    rack (1.6.0)
    rack-protection (1.5.3)
      rack
    sinatra (1.4.5)
      rack (~> 1.4)
      rack-protection (~> 1.4)
      tilt (~> 1.3, >= 1.3.4)
    skinny (0.2.1)
      eventmachine (~> 0.12)
      thin (~> 1.2)
    sqlite3 (1.3.10)
    thin (1.5.1)
      daemons (>= 1.0.9)
      eventmachine (>= 0.12.6)
      rack (>= 1.0.0)
    tilt (1.4.0)

PLATFORMS
  ruby

DEPENDENCIES
  i18n (= 0.6)
  mailcatcher (= 0.5)
  mime-types (< 2.0)
  tilt (= 1.4)
